GIT
  remote: https://github.com/twalpole/apparition.git
  revision: ca86be4d54af835d531dbcd2b86e7b2c77f85f34
  ref: ca86be4d54af835d531dbcd2b86e7b2c77f85f34
  specs:
    apparition (0.6.0)
      capybara (~> 3.13, < 4)
      websocket-driver (>= 0.6.5)

GEM
  remote: https://rubygems.org/
  specs:
    actioncable (7.0.6)
      actionpack (= 7.0.6)
      activesupport (= 7.0.6)
      nio4r (~> 2.0)
      websocket-driver (>= 0.6.1)
    actionmailbox (7.0.6)
      actionpack (= 7.0.6)
      activejob (= 7.0.6)
      activerecord (= 7.0.6)
      activestorage (= 7.0.6)
      activesupport (= 7.0.6)
      mail (>= 2.7.1)
      net-imap
      net-pop
      net-smtp
    actionmailer (7.0.6)
      actionpack (= 7.0.6)
      actionview (= 7.0.6)
      activejob (= 7.0.6)
      activesupport (= 7.0.6)
      mail (~> 2.5, >= 2.5.4)
      net-imap
      net-pop
      net-smtp
      rails-dom-testing (~> 2.0)
    actionpack (7.0.6)
      actionview (= 7.0.6)
      activesupport (= 7.0.6)
      rack (~> 2.0, >= 2.2.4)
      rack-test (>= 0.6.3)
      rails-dom-testing (~> 2.0)
      rails-html-sanitizer (~> 1.0, >= 1.2.0)
    actiontext (7.0.6)
      actionpack (= 7.0.6)
      activerecord (= 7.0.6)
      activestorage (= 7.0.6)
      activesupport (= 7.0.6)
      globalid (>= 0.6.0)
      nokogiri (>= 1.8.5)
    actionview (7.0.6)
      activesupport (= 7.0.6)
      builder (~> 3.1)
      erubi (~> 1.4)
      rails-dom-testing (~> 2.0)
      rails-html-sanitizer (~> 1.1, >= 1.2.0)
    activejob (7.0.6)
      activesupport (= 7.0.6)
      globalid (>= 0.3.6)
    activemodel (7.0.6)
      activesupport (= 7.0.6)
    activerecord (7.0.6)
      activemodel (= 7.0.6)
      activesupport (= 7.0.6)
    activerecord-import (1.4.1)
      activerecord (>= 4.2)
    activestorage (7.0.6)
      actionpack (= 7.0.6)
      activejob (= 7.0.6)
      activerecord (= 7.0.6)
      activesupport (= 7.0.6)
      marcel (~> 1.0)
      mini_mime (>= 1.1.0)
    activesupport (7.0.6)
      concurrent-ruby (~> 1.0, >= 1.0.2)
      i18n (>= 1.6, < 2)
      minitest (>= 5.1)
      tzinfo (~> 2.0)
    addressable (2.8.4)
      public_suffix (>= 2.0.2, < 6.0)
    ast (2.4.2)
    backport (1.2.0)
    bcrypt (3.1.19)
    bcrypt_pbkdf (1.1.0)
    benchmark (0.2.1)
    better_html (2.0.2)
      actionview (>= 6.0)
      activesupport (>= 6.0)
      ast (~> 2.0)
      erubi (~> 1.4)
      parser (>= 2.4)
      smart_properties
    bindex (0.8.1)
    bootsnap (1.16.0)
      msgpack (~> 1.2)
    brakeman (6.0.0)
    builder (3.2.4)
    bullet (7.0.7)
      activesupport (>= 3.0.0)
      uniform_notifier (~> 1.11)
    byebug (11.1.3)
    capybara (3.39.2)
      addressable
      matrix
      mini_mime (>= 0.1.3)
      nokogiri (~> 1.8)
      rack (>= 1.6.0)
      rack-test (>= 0.6.3)
      regexp_parser (>= 1.5, < 3.0)
      xpath (~> 3.2)
    coderay (1.1.3)
    concurrent-ruby (1.2.2)
    crass (1.0.6)
    cssbundling-rails (1.2.0)
      railties (>= 6.0.0)
    database_cleaner (2.0.2)
      database_cleaner-active_record (>= 2, < 3)
    database_cleaner-active_record (2.1.0)
      activerecord (>= 5.a)
      database_cleaner-core (~> 2.0.0)
    database_cleaner-core (2.0.1)
    date (3.3.3)
    devise (4.9.2)
      bcrypt (~> 3.0)
      orm_adapter (~> 0.1)
      railties (>= 4.1.0)
      responders
      warden (~> 1.2.3)
    diff-lcs (1.5.0)
    docile (1.4.0)
    e2mmap (0.1.0)
    ed25519 (1.3.0)
    em-websocket (0.5.3)
      eventmachine (>= 0.12.9)
      http_parser.rb (~> 0)
    erb_lint (0.4.0)
      activesupport
      better_html (>= 2.0.1)
      parser (>= 2.7.1.4)
      rainbow
      rubocop
      smart_properties
    erblint-github (0.4.1)
    erubi (1.12.0)
    eventmachine (1.2.7)
    execjs (2.8.1)
    factory_bot (6.2.1)
      activesupport (>= 5.0.0)
    factory_bot_rails (6.2.0)
      factory_bot (~> 6.2.0)
      railties (>= 5.0.0)
    ffi (1.15.5)
    formatador (1.1.0)
    friendly_id (5.1.0)
      activerecord (>= 4.0.0)
    globalid (1.1.0)
      activesupport (>= 5.0)
    guard (2.18.0)
      formatador (>= 0.2.4)
      listen (>= 2.7, < 4.0)
      lumberjack (>= 1.0.12, < 2.0)
      nenv (~> 0.1)
      notiffany (~> 0.0)
      pry (>= 0.13.0)
      shellany (~> 0.0)
      thor (>= 0.18.1)
    guard-compat (1.2.1)
    guard-livereload (2.5.2)
      em-websocket (~> 0.5)
      guard (~> 2.8)
      guard-compat (~> 1.0)
      multi_json (~> 1.8)
    guard-rspec (4.7.3)
      guard (~> 2.1)
      guard-compat (~> 1.1)
      rspec (>= 2.99.0, < 4.0)
    haml (6.1.1)
      temple (>= 0.8.2)
      thor
      tilt
    hashie (5.0.0)
    http_parser.rb (0.8.0)
    i18n (1.14.1)
      concurrent-ruby (~> 1.0)
    io-console (0.6.0)
    jaro_winkler (1.5.6)
    jbuilder (2.11.5)
      actionview (>= 5.0.0)
      activesupport (>= 5.0.0)
    jquery-rails (4.6.0)
      rails-dom-testing (>= 1, < 3)
      railties (>= 4.2.0)
      thor (>= 0.14, < 2.0)
    jsbundling-rails (1.1.2)
      railties (>= 6.0.0)
    json (2.6.3)
    jwt (1.5.6)
    kramdown (2.4.0)
      rexml
    kramdown-parser-gfm (1.1.0)
      kramdown (~> 2.0)
    kwalify (0.7.2)
    language_server-protocol (3.17.0.3)
    launchy (2.5.2)
      addressable (~> 2.8)
    listen (3.8.0)
      rb-fsevent (~> 0.10, >= 0.10.3)
      rb-inotify (~> 0.9, >= 0.9.10)
    loofah (2.21.3)
      crass (~> 1.0.2)
      nokogiri (>= 1.12.0)
    lumberjack (1.2.8)
    mail (2.8.1)
      mini_mime (>= 0.1.1)
      net-imap
      net-pop
      net-smtp
    marcel (1.0.2)
    matrix (0.4.2)
    method_source (1.0.0)
    mini_mime (1.1.2)
    minitest (5.18.1)
    msgpack (1.7.2)
    multi_json (1.15.0)
    nenv (0.3.0)
    nested_scaffold (1.1.0)
    net-imap (0.3.6)
      date
      net-protocol
    net-pop (0.1.2)
      net-protocol
    net-protocol (0.2.1)
      timeout
    net-sftp (4.0.0)
      net-ssh (>= 5.0.0, < 8.0.0)
    net-smtp (0.3.3)
      net-protocol
    net-ssh (7.1.0)
    newrelic_rpm (9.3.1)
    nio4r (2.5.9)
    nokogiri (1.15.3-arm64-darwin)
      racc (~> 1.4)
    nokogiri (1.15.3-x86_64-linux)
      racc (~> 1.4)
    notiffany (0.1.3)
      nenv (~> 0.1)
      shellany (~> 0.0)
    omniauth (2.1.1)
      hashie (>= 3.4.6)
      rack (>= 2.2.3)
      rack-protection
    orm_adapter (0.5.0)
    parallel (1.23.0)
    parallel_tests (4.2.1)
      parallel
    parser (3.2.2.3)
      ast (~> 2.4.1)
      racc
    pg (1.5.3)
    pry (0.14.2)
      coderay (~> 1.1)
      method_source (~> 1.0)
    public_suffix (5.0.3)
    puma (6.3.0)
      nio4r (~> 2.0)
    racc (1.7.1)
    rack (2.2.7)
    rack-livereload (0.5.1)
      rack
    rack-mini-profiler (3.1.0)
      rack (>= 1.2.0)
    rack-protection (3.0.6)
      rack
    rack-test (2.1.0)
      rack (>= 1.3)
    rails (7.0.6)
      actioncable (= 7.0.6)
      actionmailbox (= 7.0.6)
      actionmailer (= 7.0.6)
      actionpack (= 7.0.6)
      actiontext (= 7.0.6)
      actionview (= 7.0.6)
      activejob (= 7.0.6)
      activemodel (= 7.0.6)
      activerecord (= 7.0.6)
      activestorage (= 7.0.6)
      activesupport (= 7.0.6)
      bundler (>= 1.15.0)
      railties (= 7.0.6)
    rails-controller-testing (1.0.5)
      actionpack (>= 5.0.1.rc1)
      actionview (>= 5.0.1.rc1)
      activesupport (>= 5.0.1.rc1)
    rails-dom-testing (2.1.1)
      activesupport (>= 5.0.0)
      minitest
      nokogiri (>= 1.6)
    rails-html-sanitizer (1.6.0)
      loofah (~> 2.21)
      nokogiri (~> 1.14)
    railties (7.0.6)
      actionpack (= 7.0.6)
      activesupport (= 7.0.6)
      method_source
      rake (>= 12.2)
      thor (~> 1.0)
      zeitwerk (~> 2.5)
    rainbow (3.1.1)
    rake (13.0.6)
    rb-fsevent (0.11.2)
    rb-inotify (0.10.1)
      ffi (~> 1.0)
    rbs (2.8.4)
    redis (3.3.5)
    reek (6.1.4)
      kwalify (~> 0.7.0)
      parser (~> 3.2.0)
      rainbow (>= 2.0, < 4.0)
    regexp_parser (2.8.1)
    reline (0.3.6)
      io-console (~> 0.5)
    responders (3.1.0)
      actionpack (>= 5.2)
      railties (>= 5.2)
    reverse_markdown (2.1.1)
      nokogiri
    rexml (3.2.5)
    rspec (3.12.0)
      rspec-core (~> 3.12.0)
      rspec-expectations (~> 3.12.0)
      rspec-mocks (~> 3.12.0)
    rspec-core (3.12.2)
      rspec-support (~> 3.12.0)
    rspec-expectations (3.12.3)
      diff-lcs (>= 1.2.0, < 2.0)
      rspec-support (~> 3.12.0)
    rspec-mocks (3.12.6)
      diff-lcs (>= 1.2.0, < 2.0)
      rspec-support (~> 3.12.0)
    rspec-rails (5.1.2)
      actionpack (>= 5.2)
      activesupport (>= 5.2)
      railties (>= 5.2)
      rspec-core (~> 3.10)
      rspec-expectations (~> 3.10)
      rspec-mocks (~> 3.10)
      rspec-support (~> 3.10)
    rspec-support (3.12.1)
    rubocop (1.54.2)
      json (~> 2.3)
      language_server-protocol (>= 3.17.0)
      parallel (~> 1.10)
      parser (>= 3.2.2.3)
      rainbow (>= 2.2.2, < 4.0)
      regexp_parser (>= 1.8, < 3.0)
      rexml (>= 3.2.5, < 4.0)
      rubocop-ast (>= 1.28.0, < 2.0)
      ruby-progressbar (~> 1.7)
      unicode-display_width (>= 2.4.0, < 3.0)
    rubocop-ast (1.29.0)
      parser (>= 3.2.1.0)
    ruby-progressbar (1.13.0)
    rubyzip (2.3.2)
    seed_dump (3.3.1)
      activerecord (>= 4)
      activesupport (>= 4)
    selenium-webdriver (4.10.0)
      rexml (~> 3.2, >= 3.2.5)
      rubyzip (>= 1.2.2, < 3.0)
      websocket (~> 1.0)
    shellany (0.0.1)
    simplecov (0.22.0)
      docile (~> 1.1)
      simplecov-html (~> 0.11)
      simplecov_json_formatter (~> 0.1)
    simplecov-html (0.12.3)
    simplecov_json_formatter (0.1.4)
    smart_properties (1.17.0)
    solargraph (0.49.0)
      backport (~> 1.2)
      benchmark
      bundler (~> 2.0)
      diff-lcs (~> 1.4)
      e2mmap
      jaro_winkler (~> 1.5)
      kramdown (~> 2.3)
      kramdown-parser-gfm (~> 1.1)
      parser (~> 3.0)
      rbs (~> 2.0)
      reverse_markdown (~> 2.0)
      rubocop (~> 1.38)
      thor (~> 1.0)
      tilt (~> 2.0)
      yard (~> 0.9, >= 0.9.24)
    solargraph-reek (0.1.1)
      reek (>= 5.0)
      solargraph (~> 0.38)
    spring (4.1.1)
    sprockets (4.2.0)
      concurrent-ruby (~> 1.0)
      rack (>= 2.2.4, < 4)
    sprockets-rails (3.4.2)
      actionpack (>= 5.2)
      activesupport (>= 5.2)
      sprockets (>= 3.0.0)
    standard_deviation (1.0.3)
    stimulus-rails (1.2.1)
      railties (>= 6.0.0)
    temple (0.10.2)
    thor (1.2.2)
    tilt (2.2.0)
    timecop (0.9.6)
    timeout (0.4.0)
    turbo-rails (1.4.0)
      actionpack (>= 6.0.0)
      activejob (>= 6.0.0)
      railties (>= 6.0.0)
    twilio-ruby (4.11.1)
      builder (>= 2.1.2)
      jwt (~> 1.0)
      multi_json (>= 1.3.0)
    tzinfo (2.0.6)
      concurrent-ruby (~> 1.0)
    uglifier (4.2.0)
      execjs (>= 0.3.0, < 3)
    unicode-display_width (2.4.2)
    uniform_notifier (1.16.0)
    warden (1.2.9)
      rack (>= 2.0.9)
    watir (7.2.2)
      regexp_parser (>= 1.2, < 3)
      selenium-webdriver (~> 4.2)
    web-console (4.2.0)
      actionview (>= 6.0.0)
      activemodel (>= 6.0.0)
      bindex (>= 0.4.0)
      railties (>= 6.0.0)
    websocket (1.2.9)
    websocket-driver (0.7.5)
      websocket-extensions (>= 0.1.0)
    websocket-extensions (0.1.5)
    xpath (3.2.0)
      nokogiri (~> 1.8)
    yard (0.9.34)
    zeitwerk (2.6.8)

PLATFORMS
  arm64-darwin-21
  x86_64-linux

DEPENDENCIES
  activerecord-import
  apparition!
  bcrypt_pbkdf
  bootsnap
  brakeman
  bullet
  byebug
  capybara
  cssbundling-rails
  database_cleaner
  devise
  ed25519
  erb_lint
  erblint-github
  factory_bot_rails
  friendly_id (~> 5.1.0)
  guard
  guard-livereload (~> 2.5)
  guard-rspec
  haml
  jbuilder (~> 2.5)
  jquery-rails
  jsbundling-rails
  launchy
  listen (~> 3.8.0)
  nested_scaffold
  net-sftp
  newrelic_rpm
  nokogiri (>= 1.13.4)
  omniauth
  parallel_tests
  pg
  puma (>= 5.6.4)
  rack-livereload
  rack-mini-profiler
  rails (~> 7.0.4)
  rails-controller-testing
  redis (~> 3.0)
  reline (~> 0.3.2)
  rspec-rails (~> 5.1.0)
  rubocop
  seed_dump
  selenium-webdriver (~> 4.4)
  simplecov
  solargraph-reek
  spring
  sprockets-rails
  standard_deviation
  stimulus-rails
  timecop
  turbo-rails
  twilio-ruby (~> 4.11.1)
  tzinfo-data
  uglifier (>= 1.3.0)
  watir
  web-console

RUBY VERSION
   ruby 3.2.1p31

BUNDLED WITH
   2.4.6
